GIT
  remote: https://github.com/capistrano/bundler
  revision: c6443d5c555dadde51838f00cbdb7b730993de55
  specs:
    capistrano-bundler (0.0.1)
      capistrano (>= 3.0.0.pre)

GIT
  remote: https://github.com/capistrano/capistrano
  revision: ea8ec9abc7851a941f2d709c73cab4136071351c
  branch: v3
  specs:
    capistrano (3.0.0.pre14)
      i18n
      rake (>= 10.0.0)
      sshkit (>= 0.0.23)

GEM
  remote: https://rubygems.org/
  specs:
    backports (3.3.3)
    capistrano-unicorn (0.1.10)
      capistrano
    haml (4.0.3)
      tilt
    i18n (0.6.5)
    kgio (2.8.0)
    multi_json (1.7.9)
    net-scp (1.1.2)
      net-ssh (>= 2.6.5)
    net-ssh (2.7.0)
    r18n-core (1.1.6)
    rack (1.5.2)
    rack-contrib (1.1.0)
      rack (>= 0.9.1)
    rack-protection (1.5.0)
      rack
    rack-test (0.6.2)
      rack (>= 1.0)
    raindrops (0.12.0)
    rake (10.1.0)
    sinatra (1.4.3)
      rack (~> 1.4)
      rack-protection (~> 1.4)
      tilt (~> 1.3, >= 1.3.4)
    sinatra-contrib (1.4.1)
      backports (>= 2.0)
      multi_json
      rack-protection
      rack-test
      sinatra (~> 1.4.0)
      tilt (~> 1.3)
    sinatra-r18n (1.1.6)
      r18n-core (= 1.1.6)
      sinatra (>= 1.3)
    sinatra-reloader (1.0)
      sinatra-contrib
    sinatra-support (1.2.2)
      sinatra (>= 1.0)
    sshkit (0.0.34)
      net-scp
      net-ssh
      term-ansicolor
    term-ansicolor (1.2.2)
      tins (~> 0.8)
    tilt (1.4.1)
    tins (0.10.0)
    unicorn (4.6.3)
      kgio (~> 2.6)
      rack
      raindrops (~> 0.7)

PLATFORMS
  ruby

DEPENDENCIES
  capistrano!
  capistrano-bundler!
  capistrano-unicorn
  haml
  i18n
  rack
  rack-contrib
  sinatra
  sinatra-r18n
  sinatra-reloader
  sinatra-support
  unicorn
